GEM
  remote: https://ruby.taobao.org/
  specs:
    addressable (2.3.7)
    ethon (0.7.1)
      ffi (>= 1.3.0)
    ffi (1.9.6)
    typhoeus (0.6.9)
      ethon (>= 0.7.1)

PLATFORMS
  ruby

DEPENDENCIES
  addressable
  typhoeus
